GEM
  remote: http://ruby.sankuai.com/
  specs:

PLATFORMS
  ruby

DEPENDENCIES

BUNDLED WITH
   1.16.1
